PATH
  remote: .
  specs:
    forester (0.0.1)
      enzymator (~> 0.0)
      rubytree (~> 0.9)

GEM
  remote: http://rubygems.org/
  specs:
    byebug (9.0.5)
    coderay (1.1.1)
    enzymator (0.0.1)
    json (1.8.3)
    method_source (0.8.2)
    minitest (5.9.0)
    pry (0.10.4)
      coderay (~> 1.1.0)
      method_source (~> 0.8.1)
      slop (~> 3.4)
    pry-byebug (3.4.0)
      byebug (~> 9.0)
      pry (~> 0.10)
    rake (11.2.2)
    rubytree (0.9.7)
      json (~> 1.8)
      structured_warnings (~> 0.2)
    slop (3.6.0)
    structured_warnings (0.2.0)

PLATFORMS
  ruby

DEPENDENCIES
  forester!
  minitest (~> 5.9)
  pry-byebug
  rake (~> 11.2)

BUNDLED WITH
   1.12.5
